GEM
  remote: https://rubygems.org/
  specs:
    fileutils (1.6.0)
    minitest (5.15.0)
    open3 (0.1.1)
    optparse (0.2.0)
    rake (13.0.6)
    rubyzip (2.3.2)
    slack-incoming-webhooks (0.3.0)
    tmpdir (0.1.2)
      fileutils

PLATFORMS
  x86_64-darwin-21
  x86_64-linux-musl

DEPENDENCIES
  minitest (~> 5.15)
  open3 (~> 0.1.1)
  optparse (~> 0.2.0)
  rake (~> 13.0)
  rubyzip (~> 2.3)
  slack-incoming-webhooks (~> 0.3.0)
  tmpdir (~> 0.1.2)

BUNDLED WITH
   2.3.11
