GEM
  remote: https://rubygems.org/
  specs:
    fileutils (1.6.0)
    minitest (5.15.0)
    optparse (0.2.0)
    tmpdir (0.1.2)
      fileutils

PLATFORMS
  x86_64-darwin-21

DEPENDENCIES
  minitest (~> 5.15)
  optparse (~> 0.2.0)
  tmpdir (~> 0.1.2)

BUNDLED WITH
   2.3.11
