GEM
  remote: https://rubygems.org/
  specs:
    aws-eventstream (1.2.0)
    aws-partitions (1.660.0)
    aws-sdk-core (3.167.0)
      aws-eventstream (~> 1, >= 1.0.2)
      aws-partitions (~> 1, >= 1.651.0)
      aws-sigv4 (~> 1.5)
      jmespath (~> 1, >= 1.6.1)
    aws-sdk-kms (1.59.0)
      aws-sdk-core (~> 3, >= 3.165.0)
      aws-sigv4 (~> 1.1)
    aws-sdk-s3 (1.117.1)
      aws-sdk-core (~> 3, >= 3.165.0)
      aws-sdk-kms (~> 1)
      aws-sigv4 (~> 1.4)
    aws-sigv4 (1.5.2)
      aws-eventstream (~> 1, >= 1.0.2)
    fileutils (1.6.0)
    jmespath (1.6.1)
    minitest (5.15.0)
    open3 (0.1.1)
    optparse (0.2.0)
    rake (13.0.6)
    rubyzip (2.3.2)
    slack-incoming-webhooks (0.3.0)
    tmpdir (0.1.2)
      fileutils

PLATFORMS
  x86_64-darwin-21
  x86_64-darwin-22
  x86_64-linux-musl

DEPENDENCIES
  aws-sdk-s3 (~> 1)
  minitest (~> 5.15)
  open3 (~> 0.1.1)
  optparse (~> 0.2.0)
  rake (~> 13.0)
  rubyzip (~> 2.3)
  slack-incoming-webhooks (~> 0.3.0)
  tmpdir (~> 0.1.2)

BUNDLED WITH
   2.3.11
